GEM
  specs:
    whois (2.7.0)

PLATFORMS
  ruby

DEPENDENCIES
  whois
